GEM
  remote: https://rubygems.org/
  specs:
    activesupport (4.2.10)
      i18n (~> 0.7)
      minitest (~> 5.1)
      thread_safe (~> 0.3, >= 0.3.4)
      tzinfo (~> 1.1)
    addressable (2.5.2)
      public_suffix (>= 2.0.2, < 4.0)
    airbrussh (1.3.0)
      sshkit (>= 1.6.1, != 1.7.0)
    awesome_print (1.8.0)
    backports (3.11.3)
    builder (3.2.3)
    bundler-audit (0.6.0)
      bundler (~> 1.2)
      thor (~> 0.18)
    capistrano (3.11.0)
      airbrussh (>= 1.0.0)
      i18n
      rake (>= 10.0.0)
      sshkit (>= 1.9.0)
    capistrano-bundle_audit (0.2.1)
      bundler-audit (~> 0.5)
      capistrano (~> 3.0)
    capistrano-bundler (1.3.0)
      capistrano (~> 3.1)
      sshkit (~> 1.2)
    capistrano-one_time_key (0.0.1)
      capistrano (~> 3.0)
    capistrano-passenger (0.2.0)
      capistrano (~> 3.0)
    capistrano-rvm (0.1.2)
      capistrano (~> 3.0)
      sshkit (~> 1.2)
    capistrano-shared_configs (0.2.2)
    coderay (1.1.2)
    concurrent-ruby (1.0.5)
    confstruct (1.0.2)
      hashie (~> 3.3)
    coveralls (0.7.1)
      multi_json (~> 1.3)
      rest-client
      simplecov (>= 0.7)
      term-ansicolor
      thor
    cucumber (3.0.2)
      builder (>= 2.1.2)
      cucumber-core (~> 3.0.0)
      cucumber-expressions (~> 4.0.3)
      cucumber-wire (~> 0.0.1)
      diff-lcs (~> 1.3)
      gherkin (~> 4.0)
      multi_json (>= 1.7.5, < 2.0)
      multi_test (>= 0.1.2)
    cucumber-core (3.0.0)
      backports (>= 3.8.0)
      cucumber-tag_expressions (>= 1.0.1)
      gherkin (>= 4.1.3)
    cucumber-expressions (4.0.4)
    cucumber-tag_expressions (1.1.1)
    cucumber-wire (0.0.1)
    daemons (1.2.6)
    database_cleaner (1.7.0)
    diff-lcs (1.3)
    dlss-capistrano (3.4.1)
      capistrano (~> 3.0)
      capistrano-bundle_audit (>= 0.1.0)
      capistrano-one_time_key
      capistrano-shared_configs
    docile (1.3.1)
    domain_name (0.5.20180417)
      unf (>= 0.0.5, < 1.0.0)
    dotenv (2.4.0)
    druid-tools (1.0.0)
    equivalent-xml (0.6.0)
      nokogiri (>= 1.4.3)
    eventmachine (1.2.7)
    ffi (1.9.25)
    foreman (0.84.0)
      thor (~> 0.19.1)
    gherkin (4.1.3)
    haml (5.0.4)
      temple (>= 0.8.0)
      tilt
    hashie (3.5.7)
    honeybadger (3.3.0)
    http-cookie (1.0.3)
      domain_name (~> 0.5)
    i18n (0.9.5)
      concurrent-ruby (~> 1.0)
    json (2.1.0)
    json-schema (2.8.0)
      addressable (>= 2.4)
    method_source (0.8.2)
    mime-types (3.1)
      mime-types-data (~> 3.2015)
    mime-types-data (3.2016.0521)
    mini_portile2 (2.3.0)
    minitest (5.11.3)
    moab-versioning (2.5.1)
      confstruct
      druid-tools (>= 1.0.0)
      json
      nokogiri
      nokogiri-happymapper
      systemu
    multi_json (1.13.1)
    multi_test (0.1.2)
    mysql2 (0.5.1)
    net-scp (1.2.1)
      net-ssh (>= 2.6.5)
    net-ssh (4.2.0)
    netrc (0.11.0)
    nokogiri (1.8.2)
      mini_portile2 (~> 2.3.0)
    nokogiri-happymapper (0.6.0)
      nokogiri (~> 1.5)
    pry (0.10.4)
      coderay (~> 1.1.0)
      method_source (~> 0.8.1)
      slop (~> 3.4)
    pry-doc (0.12.0)
      pry (~> 0.9)
      yard (~> 0.9)
    public_suffix (3.0.2)
    rack (1.6.10)
    rack-protection (1.5.5)
      rack
    rack-test (1.0.0)
      rack (>= 1.0, < 3)
    rake (12.3.1)
    randexp (0.1.7)
    redcarpet (3.4.0)
    rest-client (2.0.2)
      http-cookie (>= 1.0.2, < 2.0)
      mime-types (>= 1.16, < 4.0)
      netrc (~> 0.8)
    rspec (3.7.0)
      rspec-core (~> 3.7.0)
      rspec-expectations (~> 3.7.0)
      rspec-mocks (~> 3.7.0)
    rspec-core (3.7.1)
      rspec-support (~> 3.7.0)
    rspec-expectations (3.7.0)
      diff-lcs (>= 1.2.0, < 2.0)
      rspec-support (~> 3.7.0)
    rspec-mocks (3.7.0)
      diff-lcs (>= 1.2.0, < 2.0)
      rspec-support (~> 3.7.0)
    rspec-support (3.7.1)
    ruby-oci8 (2.2.5.1)
    sequel (5.9.0)
    simplecov (0.16.1)
      docile (~> 1.1)
      json (>= 1.8, < 3)
      simplecov-html (~> 0.10.0)
    simplecov-html (0.10.2)
    sinatra (1.4.8)
      rack (~> 1.5)
      rack-protection (~> 1.4)
      tilt (>= 1.3, < 3)
    sinatra-advanced-routes (0.5.3)
      sinatra (~> 1.0)
    sinatra-contrib (1.4.7)
      backports (>= 2.0)
      multi_json
      rack-protection
      rack-test
      sinatra (~> 1.4.0)
      tilt (>= 1.3, < 3)
    slop (3.6.0)
    sshkit (1.16.1)
      net-scp (>= 1.1.2)
      net-ssh (>= 2.8.0)
    sys-filesystem (1.1.9)
      ffi
    systemu (2.6.5)
    temple (0.8.0)
    term-ansicolor (1.6.0)
      tins (~> 1.0)
    thin (1.7.2)
      daemons (~> 1.0, >= 1.0.9)
      eventmachine (~> 1.0, >= 1.0.4)
      rack (>= 1, < 3)
    thor (0.19.4)
    thread_safe (0.3.6)
    tilt (2.0.8)
    tins (1.16.3)
    tzinfo (1.2.5)
      thread_safe (~> 0.1)
    unf (0.1.4)
      unf_ext
    unf_ext (0.0.7.5)
    yard (0.9.14)

PLATFORMS
  ruby

DEPENDENCIES
  activesupport (~> 4.0)
  awesome_print
  builder
  capistrano (> 3.1)
  capistrano-bundler (> 1.1)
  capistrano-passenger
  capistrano-rvm (> 0.1)
  coveralls
  cucumber (~> 3.0.2)
  database_cleaner
  dlss-capistrano (> 3.0)
  dotenv
  druid-tools
  equivalent-xml
  foreman
  haml
  honeybadger
  json-schema
  moab-versioning (~> 2.0)
  multi_json (~> 1.0)
  mysql2
  net-ssh (< 5)
  pry (~> 0.10.1)
  pry-doc
  rack (~> 1.5)
  rack-test
  randexp
  redcarpet
  rspec (~> 3.0)
  ruby-oci8
  sequel
  simplecov (~> 0.7)
  sinatra (~> 1.4)
  sinatra-advanced-routes
  sinatra-contrib
  slop
  sys-filesystem
  thin
  yard

BUNDLED WITH
   1.16.1
