GEM
  remote: https://rubygems.org/
  specs:
    activesupport (4.2.5.1)
      i18n (~> 0.7)
      json (~> 1.7, >= 1.7.7)
      minitest (~> 5.1)
      thread_safe (~> 0.3, >= 0.3.4)
      tzinfo (~> 1.1)
    addressable (2.3.8)
    awesome_print (1.6.1)
    backports (3.6.8)
    builder (3.2.2)
    bundler-audit (0.4.0)
      bundler (~> 1.2)
      thor (~> 0.18)
    capistrano (3.4.0)
      i18n
      rake (>= 10.0.0)
      sshkit (~> 1.3)
    capistrano-bundle_audit (0.0.5)
      bundler-audit
      capistrano (~> 3.0)
    capistrano-bundler (1.1.4)
      capistrano (~> 3.1)
      sshkit (~> 1.2)
    capistrano-one_time_key (0.0.1)
      capistrano (~> 3.0)
    capistrano-passenger (0.2.0)
      capistrano (~> 3.0)
    capistrano-releaseboard (0.0.1)
      faraday
    capistrano-rvm (0.1.2)
      capistrano (~> 3.0)
      sshkit (~> 1.2)
    coderay (1.1.1)
    confstruct (1.0.2)
      hashie (~> 3.3)
    coveralls (0.8.11)
      json (~> 1.8)
      simplecov (~> 0.11.0)
      term-ansicolor (~> 1.3)
      thor (~> 0.19.1)
      tins (~> 1.6.0)
    cucumber (2.3.2)
      builder (>= 2.1.2)
      cucumber-core (~> 1.4.0)
      cucumber-wire (~> 0.0.1)
      diff-lcs (>= 1.1.3)
      gherkin (~> 3.2.0)
      multi_json (>= 1.7.5, < 2.0)
      multi_test (>= 0.1.2)
    cucumber-core (1.4.0)
      gherkin (~> 3.2.0)
    cucumber-wire (0.0.1)
    daemons (1.2.3)
    database_cleaner (1.5.1)
    diff-lcs (1.2.5)
    dlss-capistrano (3.2.0)
      capistrano (~> 3.0)
      capistrano-bundle_audit (>= 0.0.3)
      capistrano-one_time_key
      capistrano-releaseboard
    docile (1.1.5)
    dotenv (2.1.0)
    druid-tools (0.4.1)
    equivalent-xml (0.6.0)
      nokogiri (>= 1.4.3)
    eventmachine (1.0.9.1)
    faraday (0.9.2)
      multipart-post (>= 1.2, < 3)
    ffi (1.9.10)
    foreman (0.78.0)
      thor (~> 0.19.1)
    gherkin (3.2.0)
    haml (4.0.7)
      tilt
    hashie (3.4.3)
    i18n (0.7.0)
    json (1.8.3)
    json-schema (2.6.0)
      addressable (~> 2.3.8)
    method_source (0.8.2)
    mini_portile2 (2.0.0)
    minitest (5.8.4)
    moab-versioning (2.0.0)
      confstruct
      json
      nokogiri
      nokogiri-happymapper
      systemu
    multi_json (1.11.2)
    multi_test (0.1.2)
    multipart-post (2.0.0)
    mysql (2.9.1)
    net-scp (1.2.1)
      net-ssh (>= 2.6.5)
    net-ssh (3.0.2)
    nokogiri (1.6.7.2)
      mini_portile2 (~> 2.0.0.rc2)
    nokogiri-happymapper (0.5.9)
      nokogiri (~> 1.5)
    pry (0.10.3)
      coderay (~> 1.1.0)
      method_source (~> 0.8.1)
      slop (~> 3.4)
    pry-doc (0.8.0)
      pry (~> 0.9)
      yard (~> 0.8)
    rack (1.6.4)
    rack-protection (1.5.3)
      rack
    rack-test (0.6.3)
      rack (>= 1.0)
    rake (10.5.0)
    randexp (0.1.7)
    redcarpet (3.3.4)
    rspec (3.4.0)
      rspec-core (~> 3.4.0)
      rspec-expectations (~> 3.4.0)
      rspec-mocks (~> 3.4.0)
    rspec-core (3.4.3)
      rspec-support (~> 3.4.0)
    rspec-expectations (3.4.0)
      diff-lcs (>= 1.2.0, < 2.0)
      rspec-support (~> 3.4.0)
    rspec-mocks (3.4.1)
      diff-lcs (>= 1.2.0, < 2.0)
      rspec-support (~> 3.4.0)
    rspec-support (3.4.1)
    ruby-oci8 (2.2.1)
    sequel (4.31.0)
    simplecov (0.11.2)
      docile (~> 1.1.0)
      json (~> 1.8)
      simplecov-html (~> 0.10.0)
    simplecov-html (0.10.0)
    sinatra (1.4.7)
      rack (~> 1.5)
      rack-protection (~> 1.4)
      tilt (>= 1.3, < 3)
    sinatra-advanced-routes (0.5.3)
      sinatra (~> 1.0)
    sinatra-contrib (1.4.6)
      backports (>= 2.0)
      multi_json
      rack-protection
      rack-test
      sinatra (~> 1.4.0)
      tilt (>= 1.3, < 3)
    slop (3.6.0)
    sshkit (1.8.1)
      net-scp (>= 1.1.2)
      net-ssh (>= 2.8.0)
    sys-filesystem (1.1.5)
      ffi
    systemu (2.6.5)
    term-ansicolor (1.3.2)
      tins (~> 1.0)
    thin (1.6.4)
      daemons (~> 1.0, >= 1.0.9)
      eventmachine (~> 1.0, >= 1.0.4)
      rack (~> 1.0)
    thor (0.19.1)
    thread_safe (0.3.5)
    tilt (2.0.2)
    tins (1.6.0)
    tzinfo (1.2.2)
      thread_safe (~> 0.1)
    yard (0.8.7.6)

PLATFORMS
  ruby

DEPENDENCIES
  activesupport
  awesome_print
  builder
  capistrano (> 3.1)
  capistrano-bundler (> 1.1)
  capistrano-passenger
  capistrano-rvm (> 0.1)
  coveralls
  cucumber
  database_cleaner
  dlss-capistrano (> 3.0)
  dotenv
  druid-tools
  equivalent-xml
  foreman
  haml
  json-schema
  moab-versioning (~> 2.0)
  multi_json (~> 1.0)
  mysql
  pry
  pry-doc
  rack (~> 1.5)
  rack-test
  randexp
  redcarpet
  rspec (~> 3.0)
  ruby-oci8
  sequel
  simplecov (~> 0.7)
  sinatra (~> 1.4)
  sinatra-advanced-routes
  sinatra-contrib
  slop
  sys-filesystem
  thin
  yard

BUNDLED WITH
   1.11.2
