GEM
  remote: http://rubygems.org/
  remote: http://sulair-rails-dev.stanford.edu/
  specs:
    blankslate (2.1.2.4)
    capistrano (2.12.0)
      highline
      net-scp (>= 1.0.0)
      net-sftp (>= 2.0.0)
      net-ssh (>= 2.0.14)
      net-ssh-gateway (>= 1.1.0)
    columnize (0.3.6)
    confstruct (0.2.3)
    diff-lcs (1.1.3)
    happymapper (0.4.0)
      libxml-ruby (~> 2.0)
    hashery (1.5.0)
      blankslate
    highline (1.6.12)
    jruby-pageant (1.0.2)
    json (1.7.3)
    libxml-ruby (2.3.2)
    linecache (0.46)
      rbx-require-relative (> 0.0.4)
    lyberteam-capistrano-devel (0.8.0)
      capistrano (>= 2.11.0)
      lyberteam-gems-devel
      net-ssh-kerberos
      rake (>= 0.8.7)
      rest-client
      rvm-capistrano
    lyberteam-devel (0.8.0)
      lyberteam-capistrano-devel
      lyberteam-gems-devel
    lyberteam-gems-devel (0.8.0)
      rake (>= 0.8.7)
      rest-client
    mime-types (1.18)
    moab-versioning (0.5)
      confstruct
      happymapper
      hashery
      json
      nokogiri
    net-scp (1.0.4)
      net-ssh (>= 1.99.1)
    net-sftp (2.0.5)
      net-ssh (>= 2.0.9)
    net-ssh (2.4.0)
      jruby-pageant (>= 1.0.2)
    net-ssh-gateway (1.1.0)
      net-ssh (>= 1.99.1)
    net-ssh-kerberos (0.2.7)
      net-ssh (>= 2.0)
    nokogiri (1.5.2)
    rack (1.4.1)
    rack-protection (1.2.0)
      rack
    rack-test (0.6.1)
      rack (>= 1.0)
    rake (0.9.2.2)
    rbx-require-relative (0.0.9)
    rest-client (1.6.7)
      mime-types (>= 1.16)
    rspec (2.10.0)
      rspec-core (~> 2.10.0)
      rspec-expectations (~> 2.10.0)
      rspec-mocks (~> 2.10.0)
    rspec-core (2.10.0)
    rspec-expectations (2.10.0)
      diff-lcs (~> 1.1.3)
    rspec-mocks (2.10.1)
    ruby-debug (0.10.4)
      columnize (>= 0.1)
      ruby-debug-base (~> 0.10.4.0)
    ruby-debug-base (0.10.4)
      linecache (>= 0.3)
    rvm-capistrano (1.1.0)
      capistrano (>= 2.0.0)
    sinatra (1.3.2)
      rack (~> 1.3, >= 1.3.6)
      rack-protection (~> 1.2)
      tilt (~> 1.3, >= 1.3.3)
    tilt (1.3.3)

PLATFORMS
  ruby

DEPENDENCIES
  lyberteam-devel
  moab-versioning (>= 0.5)
  rack-test
  rspec
  ruby-debug
  sinatra
