GEM
  remote: http://rubygems.org/
  specs:
    awesome_print (1.2.0)
    backports (3.6.0)
    capistrano (3.2.1)
      i18n
      rake (>= 10.0.0)
      sshkit (~> 1.3)
    capistrano-bundler (1.1.3)
      capistrano (~> 3.1)
      sshkit (~> 1.2)
    capistrano-holepicker (0.0.1)
      capistrano (~> 3.0)
      holepicker
    capistrano-one_time_key (0.0.1)
      capistrano (~> 3.0)
    capistrano-releaseboard (0.0.1)
      faraday
    capistrano-rvm (0.1.1)
      capistrano (~> 3.0)
      sshkit (~> 1.2)
    coderay (1.1.0)
    colorize (0.7.3)
    confstruct (0.2.7)
    daemons (1.1.9)
    diff-lcs (1.2.5)
    druid-tools (0.3.1)
    equivalent-xml (0.5.1)
      nokogiri (>= 1.4.3)
    eventmachine (1.0.3)
    faraday (0.9.0)
      multipart-post (>= 1.2, < 3)
    ffi (1.9.3)
    haml (4.0.5)
      tilt
    happymapper (0.4.1)
      libxml-ruby (~> 2.0)
    hashery (2.1.1)
    holepicker (0.3.3)
      json (~> 1.8)
      rainbow (~> 2.0)
    i18n (0.6.11)
    json (1.8.1)
    json_pure (1.8.1)
    libxml-ruby (2.7.0)
    lyberteam-capistrano-devel (3.0.0)
      capistrano (~> 3.0)
      capistrano-holepicker
      capistrano-one_time_key
      capistrano-releaseboard
    method_source (0.8.2)
    mini_portile (0.6.0)
    moab-versioning (1.3.4)
      confstruct
      happymapper
      hashery (>= 2.0.0)
      json_pure
      nokogiri
      systemu
    multi_json (1.10.1)
    multipart-post (2.0.0)
    net-scp (1.2.1)
      net-ssh (>= 2.6.5)
    net-ssh (2.9.1)
    nokogiri (1.6.3.1)
      mini_portile (= 0.6.0)
    pry (0.10.1)
      coderay (~> 1.1.0)
      method_source (~> 0.8.1)
      slop (~> 3.4)
    rack (1.5.2)
    rack-protection (1.5.3)
      rack
    rack-test (0.6.2)
      rack (>= 1.0)
    rainbow (2.0.0)
    rake (10.3.2)
    redcarpet (3.1.2)
    rspec (2.99.0)
      rspec-core (~> 2.99.0)
      rspec-expectations (~> 2.99.0)
      rspec-mocks (~> 2.99.0)
    rspec-core (2.99.1)
    rspec-expectations (2.99.2)
      diff-lcs (>= 1.1.3, < 2.0)
    rspec-mocks (2.99.2)
    simplecov (0.7.1)
      multi_json (~> 1.0)
      simplecov-html (~> 0.7.1)
    simplecov-html (0.7.1)
    sinatra (1.4.5)
      rack (~> 1.4)
      rack-protection (~> 1.4)
      tilt (~> 1.3, >= 1.3.4)
    sinatra-advanced-routes (0.5.3)
      sinatra (~> 1.0)
    sinatra-contrib (1.4.2)
      backports (>= 2.0)
      multi_json
      rack-protection
      rack-test
      sinatra (~> 1.4.0)
      tilt (~> 1.3)
    slop (3.6.0)
    sshkit (1.5.1)
      colorize
      net-scp (>= 1.1.2)
      net-ssh (>= 2.8.0)
    sys-filesystem (1.1.2)
      ffi
    systemu (2.6.4)
    thin (1.6.2)
      daemons (>= 1.0.9)
      eventmachine (>= 1.0.0)
      rack (>= 1.0.0)
    tilt (1.4.1)
    yard (0.8.7.4)

PLATFORMS
  ruby

DEPENDENCIES
  awesome_print
  capistrano (~> 3.1)
  capistrano-bundler (~> 1.1)
  capistrano-rvm (~> 0.1)
  druid-tools
  equivalent-xml
  haml
  json_pure
  lyberteam-capistrano-devel (~> 3.0)
  moab-versioning (~> 1.3)
  pry
  rack (~> 1.5)
  rack-test
  redcarpet
  rspec (< 3.0)
  simplecov (~> 0.7.1)
  sinatra (~> 1.4)
  sinatra-advanced-routes
  sinatra-contrib
  slop
  sys-filesystem
  thin
  yard
